GEM
  remote: https://rubygems.org/
  specs:
    pokemoves-cli (1.0.0)
    rake (12.3.3)

PLATFORMS
  ruby

DEPENDENCIES
  pokemoves-cli (~> 1.0)
  rake (~> 12.3.3)

BUNDLED WITH
   2.0.1
